GIT
  remote: git@github.com:adhearsion/adhearsion.git
  revision: 578351ca470cb342a27d9ca7dc8eb757ae3bf858
  branch: develop
  specs:
    adhearsion (1.2.0)
      activesupport (>= 2.1.0)
      bundler (>= 1.0.10)
      i18n
      json
      log4r (>= 1.0.5)
      pry
      rake
      rubigen (>= 1.5.6)

PATH
  remote: .
  specs:
    whats-up-adhearsion (0.1.4)
      adhearsion
      json
      mongrel (>= 1.2.0.pre2)
      rack

GEM
  remote: http://rubygems.org/
  specs:
    activesupport (3.1.0)
      multi_json (~> 1.0)
    coderay (0.9.8)
    daemons (1.0.10)
    diff-lcs (1.1.3)
    flexmock (0.9.0)
    gem_plugin (0.2.3)
    git (1.2.5)
    i18n (0.6.0)
    jeweler (1.6.4)
      bundler (~> 1.0)
      git (>= 1.2.5)
      rake
    json (1.5.4)
    log4r (1.1.9)
    method_source (0.6.5)
      ruby_parser (>= 2.0.5)
    mongrel (1.2.0.pre2)
      daemons (~> 1.0.10)
      gem_plugin (~> 0.2.3)
    multi_json (1.0.3)
    pry (0.9.3)
      coderay (>= 0.9.8)
      method_source (>= 0.6.0)
      ruby_parser (>= 2.0.5)
      slop (~> 1.9.0)
    rack (1.3.2)
    rake (0.9.2)
    rspec (2.6.0)
      rspec-core (~> 2.6.0)
      rspec-expectations (~> 2.6.0)
      rspec-mocks (~> 2.6.0)
    rspec-core (2.6.4)
    rspec-expectations (2.6.0)
      diff-lcs (~> 1.1.2)
    rspec-mocks (2.6.0)
    rubigen (1.5.6)
      activesupport (>= 2.3.5)
      i18n
    ruby_parser (2.3.0)
      sexp_processor (~> 3.0)
    sexp_processor (3.0.6)
    slop (1.9.1)

PLATFORMS
  ruby

DEPENDENCIES
  adhearsion!
  flexmock
  jeweler
  rspec
  whats-up-adhearsion!
